GEM
  remote: https://rubygems.org/
  specs:
    ed25519 (1.3.0)

PLATFORMS
  x86_64-linux

DEPENDENCIES
  ed25519

BUNDLED WITH
   2.2.33
